GEM
  remote: https://rubygems.org/
  specs:
    activesupport (3.2.13)
      i18n (= 0.6.1)
      multi_json (~> 1.0)
    builder (3.2.0)
    i18n (0.6.1)
    multi_json (1.7.2)
    nokogiri (1.5.9)
    serialport (1.1.0)

PLATFORMS
  ruby

DEPENDENCIES
  activesupport
  builder
  nokogiri
  serialport
